GEM
  specs:
    ascii (1.0.1)

PLATFORMS
  ruby

DEPENDENCIES
  ascii

BUNDLED WITH
   1.16.1
